PATH
  remote: /home/luca/mojolingo/punchblock
  specs:
    punchblock (0.9.2)
      activesupport (>= 2.1.0)
      blather (>= 0.5.12)
      celluloid (>= 0.9.0)
      future-resource (>= 0.0.2)
      has-guarded-handlers (>= 0.1.0)
      niceogiri (>= 0.0.4)
      ruby_ami (>= 0.1.3)
      ruby_speech (>= 0.5.1)
      state_machine (>= 1.0.1)

GEM
  remote: http://rubygems.org/
  specs:
    activesupport (3.2.2)
      i18n (~> 0.6)
      multi_json (~> 1.0)
    adhearsion (2.0.0.alpha3)
      activesupport (>= 3.0.10)
      adhearsion-loquacious (>= 1.9.0)
      bundler (>= 1.0.10)
      celluloid (>= 0.9.0)
      countdownlatch
      ffi (>= 1.0.11)
      future-resource (>= 0.0.2)
      girl_friday
      has-guarded-handlers (>= 1.1.0)
      i18n (>= 0.5.0)
      json
      logging (>= 1.6.1)
      pry
      punchblock (>= 0.9.1)
      rake
      ruby_speech (>= 0.4.0)
      thor
      uuid
    adhearsion-asterisk (0.1.3)
      activesupport (>= 3.0.10)
      adhearsion (>= 2.0.0.alpha2)
    adhearsion-loquacious (1.9.2)
    blather (0.6.2)
      activesupport (>= 3.0.7)
      eventmachine (>= 0.12.6)
      niceogiri (>= 0.1.0)
      nokogiri (~> 1.4.0)
    celluloid (0.9.0)
    coderay (1.0.5)
    connection_pool (0.1.0)
    countdownlatch (1.0.0)
    eventmachine (0.12.10)
    ffi (1.0.11)
    future-resource (0.0.2)
    girl_friday (0.9.7)
      connection_pool (~> 0.1.0)
    has-guarded-handlers (1.1.0)
    i18n (0.6.0)
    json (1.6.5)
    little-plugger (1.1.3)
    logging (1.7.1)
      little-plugger (>= 1.1.3)
    macaddr (1.5.0)
      systemu (>= 2.4.0)
    method_source (0.7.1)
    multi_json (1.1.0)
    niceogiri (0.1.1)
      nokogiri (~> 1.4.6)
    nokogiri (1.4.7)
    pry (0.9.8.4)
      coderay (~> 1.0.5)
      method_source (~> 0.7.1)
      slop (>= 2.4.4, < 3)
    rake (0.9.2.2)
    ruby_ami (0.1.5)
      activesupport (>= 3.0.9)
      countdownlatch (>= 1.0.0)
      eventmachine
      future-resource
      girl_friday
      i18n
      uuidtools
    ruby_speech (0.5.1)
      activesupport (>= 3.0.7)
      niceogiri (>= 0.1.1)
    slop (2.4.4)
    state_machine (1.1.2)
    systemu (2.4.2)
    thor (0.14.6)
    uuid (2.3.5)
      macaddr (~> 1.0)
    uuidtools (2.1.2)

PLATFORMS
  ruby

DEPENDENCIES
  adhearsion (>= 2.0.0.alpha3)
  adhearsion-asterisk
  punchblock!
